GEM
  remote: https://rubygems.org/
  specs:
    coderay (1.1.2)
    combine_pdf (1.0.16)
      ruby-rc4 (>= 0.1.5)
    method_source (1.0.0)
    pdf-core (0.7.0)
    prawn (2.2.2)
      pdf-core (~> 0.7.0)
      ttfunk (~> 1.5)
    pry (0.13.1)
      coderay (~> 1.1)
      method_source (~> 1.0)
    ruby-rc4 (0.1.5)
    ttfunk (1.6.2.1)

PLATFORMS
  ruby

DEPENDENCIES
  combine_pdf
  prawn
  pry

RUBY VERSION
   ruby 2.7.0p0

BUNDLED WITH
   2.1.4
